PATH
  remote: .
  specs:
    embulk (0.6.12)

GEM
  remote: https://rubygems.org/
  specs:
    kramdown (1.5.0)
    power_assert (0.2.2)
    rake (10.4.2)
    test-unit (3.0.9)
      power_assert
    yard (0.8.7.6)

PLATFORMS
  java
  ruby

DEPENDENCIES
  bundler (>= 1.0)
  embulk!
  kramdown (~> 1.5.0)
  rake (>= 0.10.0)
  test-unit (~> 3.0.9)
  yard (~> 0.8.7)
